GEM
  remote: http://rubygems.org/
  specs:
    carrot-top (0.0.7)
      json
    coderay (1.1.0)
    json (1.8.2)
    method_source (0.8.2)
    mixlib-cli (1.5.0)
    pry (0.10.1)
      coderay (~> 1.1.0)
      method_source (~> 0.8.1)
      slop (~> 3.4)
    sensu-plugin (1.1.0)
      json
      mixlib-cli (>= 1.1.0)
    slop (3.6.0)

PLATFORMS
  ruby

DEPENDENCIES
  carrot-top
  pry
  sensu-plugin
